PATH
  remote: .
  specs:
    jekyll-octicons (3.0.1)
      jekyll (~> 3.1)
      octicons (~> 3.0)

GEM
  remote: https://rubygems.org/
  specs:
    celluloid (0.16.0)
      timers (~> 4.0.0)
    colorator (0.1)
    ffi (1.9.10)
    hitimes (1.2.3)
    jekyll (3.1.3)
      colorator (~> 0.1)
      jekyll-sass-converter (~> 1.0)
      jekyll-watch (~> 1.1)
      kramdown (~> 1.3)
      liquid (~> 3.0)
      mercenary (~> 0.3.3)
      rouge (~> 1.7)
      safe_yaml (~> 1.0)
    jekyll-sass-converter (1.3.0)
      sass (~> 3.2)
    jekyll-watch (1.2.1)
      listen (~> 2.7)
    kramdown (1.11.1)
    liquid (3.0.6)
    listen (2.10.1)
      celluloid (~> 0.16.0)
      rb-fsevent (>= 0.9.3)
      rb-inotify (>= 0.9)
    mercenary (0.3.5)
    mini_portile (0.6.2)
    minitest (5.8.0)
    nokogiri (1.6.6.2)
      mini_portile (~> 0.6.0)
    octicons (3.0.1)
      nokogiri (>= 1.6.3.1)
    rake (0.9.6)
    rb-fsevent (0.9.6)
    rb-inotify (0.9.7)
      ffi (>= 0.5.0)
    rouge (1.10.1)
    safe_yaml (1.0.4)
    sass (3.4.22)
    timers (4.0.4)
      hitimes

PLATFORMS
  ruby

DEPENDENCIES
  jekyll-octicons!
  minitest
  octicons (~> 3.0)
  rake

BUNDLED WITH
   1.10.6
